GEM
  remote: https://rubygems.org/
  specs:
    bson (1.10.2)
    bson_ext (1.10.2)
      bson (~> 1.10.2)
    mongo (1.10.2)
      bson (= 1.10.2)

PLATFORMS
  ruby

DEPENDENCIES
  bson_ext
  mongo
